GEM
  remote: https://rubygems.org/
  specs:
    kgio (2.10.0)
    rack (1.6.4)
    raindrops (0.16.0)
    unicorn (5.0.1)
      kgio (~> 2.6)
      rack
      raindrops (~> 0.7)

PLATFORMS
  ruby

DEPENDENCIES
  rack
  unicorn

BUNDLED WITH
   1.11.2
